PATH
  remote: .
  specs:
    iconify-ruby (0.3.0)

GEM
  remote: https://rubygems.org/
  specs:
    coderay (1.1.3)
    method_source (1.0.0)
    minitest (5.15.0)
    pry (0.14.1)
      coderay (~> 1.1)
      method_source (~> 1.0)
    rake (13.0.6)

PLATFORMS
  ruby
  x86_64-darwin-18
  x86_64-linux

DEPENDENCIES
  iconify-ruby!
  minitest
  pry
  rake (~> 13.0)

BUNDLED WITH
   2.2.3
